GEM
  remote: https://rubygems.org/
  specs:
    hex_string (1.0.1)

PLATFORMS
  ruby

DEPENDENCIES
  hex_string

BUNDLED WITH
   1.12.5
